{
	"Modality": "MR",
	"MagneticFieldStrength": 3,
	"Manufacturer": "Siemens",
	"ManufacturersModelName": "Skyra",
	"InstitutionName": "University_of_Oregon",
	"InstitutionalDepartmentName": "Department",
	"InstitutionAddress": "Franklin_Blvd_1440_Eugene_District_US_97403",
	"DeviceSerialNumber": "45348",
	"StationName": "AWP45348",
	"BodyPartExamined": "BRAIN",
	"PatientPosition": "HFS",
	"ProcedureStepDescription": "csnl_Chavez_Round_Robin",
	"SoftwareVersions": "syngo_MR_E11",
	"MRAcquisitionType": "2D",
	"SeriesDescription": "AP_fieldmap_se_epi_mb3_g2_2mm_ap",
	"ProtocolName": "AP_fieldmap_se_epi_mb3_g2_2mm_ap",
	"ScanningSequence": "EP",
	"SequenceVariant": "SK",
	"ScanOptions": "FS",
	"SequenceName": "epse2d1_104",
	"ImageType": ["ORIGINAL", "PRIMARY", "M", "ND", "MOSAIC"],
	"SeriesNumber": 6,
	"AcquisitionTime": "11:20:59.967500",
	"AcquisitionNumber": 1,
	"SliceThickness": 2,
	"SpacingBetweenSlices": 2,
	"SAR": 0.268066,
	"EchoTime": 0.0478,
	"RepetitionTime": 6.39,
	"FlipAngle": 90,
	"PartialFourier": 1,
	"BaseResolution": 104,
	"ShimSetting": [
		-4995,
		7561,
		9215,
		453,
		168,
		330,
		192,
		-289	],
	"TxRefAmp": 359.762,
	"PhaseResolution": 1,
	"ReceiveCoilName": "Head_32",
	"ReceiveCoilActiveElements": "HEA;HEP",
	"PulseSequenceDetails": "%CustomerSeq%_cmrr_mbep2d_se",
	"ConsistencyInfo": "N4_VE11C_LATEST_20160120",
	"PercentPhaseFOV": 100,
	"EchoTrainLength": 51,
	"PhaseEncodingSteps": 103,
	"AcquisitionMatrixPE": 104,
	"ReconMatrixPE": 104,
	"BandwidthPerPixelPhaseEncode": 27.871,
	"ParallelReductionFactorInPlane": 2,
	"EffectiveEchoSpacing": 0.000344996,
	"DerivedVendorReportedEchoSpacing": 0.000689992,
	"TotalReadoutTime": 0.0355346,
	"PixelBandwidth": 1780,
	"DwellTime": 2.7e-06,
	"PhaseEncodingDirection": "j-",
	"SliceTiming": [
		3.185,
		0,
		3.275,
		0.09,
		3.3625,
		0.1775,
		3.45,
		0.265,
		3.54,
		0.355,
		3.6275,
		0.4425,
		3.715,
		0.5325,
		3.805,
		0.62,
		3.8925,
		0.7075,
		3.9825,
		0.7975,
		4.07,
		0.885,
		4.1575,
		0.9725,
		4.2475,
		1.0625,
		4.335,
		1.15,
		4.425,
		1.24,
		4.5125,
		1.3275,
		4.6,
		1.415,
		4.69,
		1.505,
		4.7775,
		1.5925,
		4.8675,
		1.6825,
		4.955,
		1.77,
		5.0425,
		1.8575,
		5.1325,
		1.9475,
		5.22,
		2.035,
		5.3075,
		2.125,
		5.3975,
		2.2125,
		5.485,
		2.3,
		5.575,
		2.39,
		5.6625,
		2.4775,
		5.75,
		2.565,
		5.84,
		2.655,
		5.9275,
		2.7425,
		6.0175,
		2.8325,
		6.105,
		2.92,
		6.1925,
		3.0075,
		6.2825,
		3.0975	],
	"ImageOrientationPatientDICOM": [
		0.995786,
		0.0728014,
		-0.0557724,
		-0.0729512,
		0.997335,
		-0.000651408	],
	"InPlanePhaseEncodingDirectionDICOM": "COL",
	"ConversionSoftware": "dcm2niix",
	"ConversionSoftwareVersion": "v1.0.20171215 GCC5.3.1"
}
