{
	"Modality": "MR",
	"MagneticFieldStrength": 3,
	"Manufacturer": "Siemens",
	"ManufacturersModelName": "Skyra",
	"InstitutionName": "Lewis_Building",
	"InstitutionalDepartmentName": "Department",
	"InstitutionAddress": "Franklin_Blvd_1440_Eugene_District_US_97403",
	"DeviceSerialNumber": "45348",
	"StationName": "AWP45348",
	"BodyPartExamined": "BRAIN",
	"PatientPosition": "HFS",
	"ProcedureStepDescription": "csnl_Chavez_Round_Robin",
	"SoftwareVersions": "syngo_MR_E11",
	"MRAcquisitionType": "2D",
	"SeriesDescription": "AP_fieldmap_se_epi_mb3_g2_2mm_ap",
	"ProtocolName": "AP_fieldmap_se_epi_mb3_g2_2mm_ap",
	"ScanningSequence": "EP",
	"SequenceVariant": "SK",
	"ScanOptions": "FS",
	"SequenceName": "epse2d1_104",
	"ImageType": ["ORIGINAL", "PRIMARY", "M", "ND", "MOSAIC"],
	"SeriesNumber": 6,
	"AcquisitionTime": "11:00:56.950000",
	"AcquisitionNumber": 1,
	"SliceThickness": 2,
	"SpacingBetweenSlices": 2,
	"SAR": 0.297531,
	"EchoTime": 0.0478,
	"RepetitionTime": 6.39,
	"FlipAngle": 90,
	"PartialFourier": 1,
	"BaseResolution": 104,
	"ShimSetting": [
		-4980,
		7414,
		9087,
		564,
		163,
		-421,
		353,
		-306	],
	"TxRefAmp": 333.97,
	"PhaseResolution": 1,
	"ReceiveCoilName": "Head_32",
	"ReceiveCoilActiveElements": "HEA;HEP",
	"PulseSequenceDetails": "%CustomerSeq%_cmrr_mbep2d_se",
	"ConsistencyInfo": "N4_VE11C_LATEST_20160120",
	"PercentPhaseFOV": 100,
	"EchoTrainLength": 51,
	"PhaseEncodingSteps": 103,
	"AcquisitionMatrixPE": 104,
	"ReconMatrixPE": 104,
	"BandwidthPerPixelPhaseEncode": 27.871,
	"ParallelReductionFactorInPlane": 2,
	"EffectiveEchoSpacing": 0.000344996,
	"DerivedVendorReportedEchoSpacing": 0.000689992,
	"TotalReadoutTime": 0.0355346,
	"PixelBandwidth": 1780,
	"DwellTime": 2.7e-06,
	"PhaseEncodingDirection": "j-",
	"SliceTiming": [
		3.185,
		0,
		3.275,
		0.09,
		3.3625,
		0.1775,
		3.4525,
		0.2675,
		3.54,
		0.355,
		3.6275,
		0.4425,
		3.7175,
		0.5325,
		3.805,
		0.62,
		3.8925,
		0.71,
		3.9825,
		0.7975,
		4.07,
		0.885,
		4.16,
		0.975,
		4.2475,
		1.0625,
		4.335,
		1.15,
		4.425,
		1.24,
		4.5125,
		1.3275,
		4.6025,
		1.4175,
		4.69,
		1.505,
		4.7775,
		1.5925,
		4.8675,
		1.6825,
		4.955,
		1.77,
		5.045,
		1.86,
		5.1325,
		1.9475,
		5.22,
		2.035,
		5.31,
		2.125,
		5.3975,
		2.2125,
		5.485,
		2.3025,
		5.575,
		2.39,
		5.6625,
		2.4775,
		5.7525,
		2.5675,
		5.84,
		2.655,
		5.9275,
		2.7425,
		6.0175,
		2.8325,
		6.105,
		2.92,
		6.195,
		3.01,
		6.2825,
		3.0975	],
	"ImageOrientationPatientDICOM": [
		0.999303,
		-0.0274394,
		-0.0253052,
		0.0310552,
		0.9873,
		0.155803	],
	"InPlanePhaseEncodingDirectionDICOM": "COL",
	"ConversionSoftware": "dcm2niix",
	"ConversionSoftwareVersion": "v1.0.20171215 GCC5.3.1"
}
