{"TaskName": "round robin trait judgement",
	"Modality": "MR",
	"MagneticFieldStrength": 3,
	"Manufacturer": "Siemens",
	"ManufacturersModelName": "Skyra",
	"InstitutionName": "University_of_Oregon",
	"InstitutionalDepartmentName": "Department",
	"InstitutionAddress": "Franklin_Blvd_1440_Eugene_District_US_97403",
	"DeviceSerialNumber": "45348",
	"StationName": "AWP45348",
	"BodyPartExamined": "BRAIN",
	"PatientPosition": "HFS",
	"ProcedureStepDescription": "csnl_Chavez_Round_Robin",
	"SoftwareVersions": "syngo_MR_E11",
	"MRAcquisitionType": "2D",
	"SeriesDescription": "1EPI188",
	"ProtocolName": "1EPI188",
	"ScanningSequence": "EP",
	"SequenceVariant": "SK_SS",
	"ScanOptions": "FS",
	"SequenceName": "epfid2d1_104",
	"ImageType": ["ORIGINAL", "PRIMARY", "M", "MB", "ND", "NORM", "MOSAIC"],
	"SeriesNumber": 11,
	"AcquisitionTime": "14:53:6.185000",
	"AcquisitionNumber": 1,
	"ImageComments": "Unaliased_MB3_PE4",
	"SliceThickness": 2,
	"SpacingBetweenSlices": 2,
	"SAR": 0.126145,
	"EchoTime": 0.025,
	"RepetitionTime": 2,
	"FlipAngle": 90,
	"PartialFourier": 1,
	"BaseResolution": 104,
	"ShimSetting": [
		-4907,
		7561,
		9205,
		617,
		313,
		483,
		19,
		-240	],
	"TxRefAmp": 357.915,
	"PhaseResolution": 1,
	"ReceiveCoilName": "Head_32",
	"ReceiveCoilActiveElements": "HEA;HEP",
	"PulseSequenceDetails": "%CustomerSeq%_cmrr_mbep2d_bold",
	"ConsistencyInfo": "N4_VE11C_LATEST_20160120",
	"MultibandAccelerationFactor": 3,
	"PercentPhaseFOV": 100,
	"EchoTrainLength": 51,
	"PhaseEncodingSteps": 103,
	"AcquisitionMatrixPE": 104,
	"ReconMatrixPE": 104,
	"BandwidthPerPixelPhaseEncode": 28.703,
	"ParallelReductionFactorInPlane": 2,
	"EffectiveEchoSpacing": 0.000334996,
	"DerivedVendorReportedEchoSpacing": 0.000669992,
	"TotalReadoutTime": 0.0345046,
	"PixelBandwidth": 1780,
	"DwellTime": 2.7e-06,
	"PhaseEncodingDirection": "j-",
	"SliceTiming": [
		0,
		0.905,
		1.8125,
		0.74,
		1.6475,
		0.575,
		1.4825,
		0.41,
		1.3175,
		0.245,
		1.1525,
		0.0825,
		0.9875,
		1.895,
		0.8225,
		1.73,
		0.6575,
		1.565,
		0.4925,
		1.4,
		0.3275,
		1.235,
		0.1625,
		1.07,
		0,
		0.905,
		1.8125,
		0.74,
		1.6475,
		0.575,
		1.4825,
		0.41,
		1.3175,
		0.245,
		1.1525,
		0.0825,
		0.9875,
		1.895,
		0.8225,
		1.73,
		0.6575,
		1.565,
		0.4925,
		1.4,
		0.3275,
		1.235,
		0.1625,
		1.07,
		0,
		0.905,
		1.8125,
		0.74,
		1.6475,
		0.575,
		1.4825,
		0.41,
		1.3175,
		0.245,
		1.1525,
		0.0825,
		0.9875,
		1.895,
		0.8225,
		1.73,
		0.6575,
		1.565,
		0.4925,
		1.4,
		0.3275,
		1.235,
		0.1625,
		1.07	],
	"ImageOrientationPatientDICOM": [
		0.989543,
		-0.0886018,
		0.113817,
		0.106276,
		0.981376,
		-0.160018	],
	"InPlanePhaseEncodingDirectionDICOM": "COL",
	"ConversionSoftware": "dcm2niix",
	"ConversionSoftwareVersion": "v1.0.20171215 GCC5.3.1"
}
